GEM
  specs:
    coderay (1.1.0)
    method_source (0.8.2)
    pry (0.10.1-x64-mingw32)
      coderay (~> 1.1.0)
      method_source (~> 0.8.1)
      slop (~> 3.4)
      win32console (~> 1.3)
    rack (1.6.0)
    rack-protection (1.5.3)
      rack
    sinatra (1.4.5)
      rack (~> 1.4)
      rack-protection (~> 1.4)
      tilt (~> 1.3, >= 1.3.4)
    slop (3.6.0)
    tilt (1.4.1)
    win32console (1.3.2)

PLATFORMS
  x64-mingw32

DEPENDENCIES
  pry
  sinatra (~> 1.4)
